GIT
  remote: https://github.com/stympy/faker.git
  revision: be8fc6741bbcec08782208ec7068e889cc16e7e6
  branch: master
  specs:
    faker (1.8.4)
      i18n (~> 0.5)

GEM
  remote: https://rubygems.org/
  specs:
    cassandra-driver (3.2.0)
      ione (~> 1.2)
    cassandra-web (0.4.0)
      cassandra-driver (~> 3.1)
      lz4-ruby (~> 0.3)
      rack-cors (~> 0.2)
      rack-parser (~> 0.6)
      sinatra (~> 1.4)
      thin (~> 1.6)
    coderay (1.1.1)
    concurrent-ruby (1.0.5)
    daemons (1.2.4)
    eventmachine (1.2.3)
    i18n (0.9.1)
      concurrent-ruby (~> 1.0)
    ione (1.2.4)
    lz4-ruby (0.3.3)
    method_source (0.8.2)
    pry (0.10.4)
      coderay (~> 1.1.0)
      method_source (~> 0.8.1)
      slop (~> 3.4)
    rack (1.6.8)
    rack-cors (0.4.1)
    rack-parser (0.7.0)
      rack
    rack-protection (1.5.3)
      rack
    sinatra (1.4.8)
      rack (~> 1.5)
      rack-protection (~> 1.4)
      tilt (>= 1.3, < 3)
    slop (3.6.0)
    thin (1.7.0)
      daemons (~> 1.0, >= 1.0.9)
      eventmachine (~> 1.0, >= 1.0.4)
      rack (>= 1, < 3)
    tilt (2.0.8)

PLATFORMS
  ruby

DEPENDENCIES
  cassandra-driver
  cassandra-web
  faker!
  pry

BUNDLED WITH
   1.16.0
